PATH
  remote: .
  specs:
    log_facility (0.1.0)

GEM
  remote: https://rubygems.org/
  specs:
    rake (13.0.6)

PLATFORMS
  x86_64-darwin-22

DEPENDENCIES
  log_facility!
  rake

BUNDLED WITH
   2.4.17
